GEM
  remote: https://rubygems.org/
  specs:
    backports (3.11.1)
    bcrypt (3.1.11)
    coderay (1.1.2)
    kgio (2.11.2)
    method_source (0.9.0)
    multi_json (1.13.1)
    mustermann (1.0.2)
    pg (1.0.0)
    pry (0.11.3)
      coderay (~> 1.1.0)
      method_source (~> 0.9.0)
    rack (2.0.4)
    rack-protection (2.0.1)
      rack
    raindrops (0.19.0)
    rake (12.3.0)
    redcarpet (3.4.0)
    sequel (5.6.0)
    shotgun (0.9.2)
      rack (>= 1.0)
    sinatra (2.0.1)
      mustermann (~> 1.0)
      rack (~> 2.0)
      rack-protection (= 2.0.1)
      tilt (~> 2.0)
    sinatra-contrib (2.0.1)
      backports (>= 2.0)
      multi_json
      mustermann (~> 1.0)
      rack-protection (= 2.0.1)
      sinatra (= 2.0.1)
      tilt (>= 1.3, < 3)
    slim (3.0.9)
      temple (>= 0.7.6, < 0.9)
      tilt (>= 1.3.3, < 2.1)
    temple (0.8.0)
    tilt (2.0.8)
    unicorn (5.4.0)
      kgio (~> 2.6)
      raindrops (~> 0.7)

PLATFORMS
  ruby

DEPENDENCIES
  bcrypt
  pg
  pry
  rake
  redcarpet
  sequel
  shotgun
  sinatra
  sinatra-contrib
  slim
  unicorn

BUNDLED WITH
   1.16.1
